GIT
  remote: https://github.com/dbackeus/will_paginate.git
  revision: 4438f09d6decc3f4ae36ef96dfb8dd4abcc07179
  specs:
    will_paginate (3.0.2)

GEM
  remote: http://rubygems.org/
  remote: http://gemcutter.org/
  remote: http://gems.github.com/
  specs:
    abstract (1.0.0)
    actionmailer (3.0.7)
      actionpack (= 3.0.7)
      mail (~> 2.2.15)
    actionpack (3.0.7)
      activemodel (= 3.0.7)
      activesupport (= 3.0.7)
      builder (~> 2.1.2)
      erubis (~> 2.6.6)
      i18n (~> 0.5.0)
      rack (~> 1.2.1)
      rack-mount (~> 0.6.14)
      rack-test (~> 0.5.7)
      tzinfo (~> 0.3.23)
    activemodel (3.0.7)
      activesupport (= 3.0.7)
      builder (~> 2.1.2)
      i18n (~> 0.5.0)
    activerecord (3.0.7)
      activemodel (= 3.0.7)
      activesupport (= 3.0.7)
      arel (~> 2.0.2)
      tzinfo (~> 0.3.23)
    activeresource (3.0.7)
      activemodel (= 3.0.7)
      activesupport (= 3.0.7)
    activesupport (3.0.7)
    annotate (2.4.0)
    arel (2.0.10)
    authlogic (3.1.0)
      activerecord (>= 3.0.7)
      activerecord (>= 3.0.7)
    awesome_print (0.4.0)
    bson (1.4.0)
    bson_ext (1.4.0)
    builder (2.1.2)
    cancan (1.3.4)
    capistrano (2.9.0)
      highline
      net-scp (>= 1.0.0)
      net-sftp (>= 2.0.0)
      net-ssh (>= 2.0.14)
      net-ssh-gateway (>= 1.1.0)
    capistrano-ext (1.2.1)
      capistrano (>= 1.0.0)
    carrierwave (0.5.8)
      activesupport (~> 3.0)
    carrierwave-mongoid (0.1.0)
      carrierwave
      mongoid
    cgi_multipart_eof_fix (2.5.0)
    cocaine (0.2.0)
    columnize (0.3.4)
    daemons (1.1.4)
    diff-lcs (1.1.3)
    erubis (2.6.6)
      abstract (>= 1.0.0)
    faker (1.0.1)
      i18n (~> 0.4)
    fastthread (1.0.7)
    formtastic (1.1.0)
      actionpack (>= 2.3.0)
      activesupport (>= 2.3.0)
      i18n (>= 0.4.0)
    gem_plugin (0.2.3)
    geokit (1.6.0)
    git (1.2.5)
    globalize3 (0.1.0)
      activemodel (>= 3.0.0)
      activerecord (>= 3.0.0)
    haml (3.1.3)
    hashie (1.2.0)
    highline (1.6.8)
    i18n (0.5.0)
    itslog (0.6.1)
    jeweler (1.6.4)
      bundler (~> 1.0)
      git (>= 1.2.5)
      rake
    linecache (0.46)
      rbx-require-relative (> 0.0.4)
    machinist (1.0.6)
    machinist_mongo (1.2.0)
      machinist (~> 1.0.6)
    mail (2.2.19)
      activesupport (>= 2.3.6)
      i18n (>= 0.4.0)
      mime-types (~> 1.16)
      treetop (~> 1.4.8)
    meta_search (1.0.6)
      actionpack (~> 3.0.2)
      activerecord (~> 3.0.2)
      activesupport (~> 3.0.2)
      arel (~> 2.0.2)
    metaclass (0.0.1)
    mime-types (1.17.2)
    mocha (0.10.0)
      metaclass (~> 0.0.1)
    mongo (1.4.0)
      bson (= 1.4.0)
    mongoid (2.0.0.beta.20)
      activemodel (~> 3.0)
      mongo (~> 1.1)
      tzinfo (~> 0.3.22)
      will_paginate (~> 3.0.pre)
    mongoid_i18n (0.1.8)
      bson_ext
      bundler
      jeweler
      mocha
      mongoid (>= 2.0.0.beta.20)
      mongoid (>= 2.0.0.beta.9)
      rspec (>= 2.0.0.beta.8)
    mongrel (1.1.5)
      cgi_multipart_eof_fix (>= 2.4)
      daemons (>= 1.0.3)
      fastthread (>= 1.0.1)
      gem_plugin (>= 0.2.3)
    mysql2 (0.2.17)
    net-scp (1.0.4)
      net-ssh (>= 1.99.1)
    net-sftp (2.0.5)
      net-ssh (>= 2.0.9)
    net-ssh (2.2.1)
    net-ssh-gateway (1.1.0)
      net-ssh (>= 1.99.1)
    omniauth (1.0.0)
      hashie (~> 1.2)
      rack
    paperclip (2.4.5)
      activerecord (>= 2.3.0)
      activesupport (>= 2.3.2)
      cocaine (>= 0.0.2)
      mime-types
    polyglot (0.3.3)
    rack (1.2.1)
    rack-mount (0.6.14)
      rack (>= 1.0.0)
    rack-test (0.5.7)
      rack (>= 1.0)
    rails (3.0.7)
      actionmailer (= 3.0.7)
      actionpack (= 3.0.7)
      activerecord (= 3.0.7)
      activeresource (= 3.0.7)
      activesupport (= 3.0.7)
      bundler (~> 1.0)
      railties (= 3.0.7)
    railties (3.0.7)
      actionpack (= 3.0.7)
      activesupport (= 3.0.7)
      rake (>= 0.8.7)
      thor (~> 0.14.4)
    rake (0.8.7)
    rbx-require-relative (0.0.5)
    rmagick (2.13.1)
    rspec (2.8.0.rc1)
      rspec-core (= 2.8.0.rc1)
      rspec-expectations (= 2.8.0.rc1)
      rspec-mocks (= 2.8.0.rc1)
    rspec-core (2.8.0.rc1)
    rspec-expectations (2.8.0.rc1)
      diff-lcs (~> 1.1.2)
    rspec-mocks (2.8.0.rc1)
    rspec-rails (2.8.0.rc1)
      actionpack (~> 3.0)
      activesupport (~> 3.0)
      railties (~> 3.0)
      rspec (= 2.8.0.rc1)
    ruby-debug (0.10.4)
      columnize (>= 0.1)
      ruby-debug-base (~> 0.10.4.0)
    ruby-debug-base (0.10.4)
      linecache (>= 0.3)
    thor (0.14.6)
    treetop (1.4.10)
      polyglot
      polyglot (>= 0.3.1)
    tzinfo (0.3.31)
    ya2yaml (0.30)

PLATFORMS
  ruby

DEPENDENCIES
  annotate
  authlogic (>= 2.1.6)
  awesome_print
  bson_ext
  cancan (= 1.3.4)
  capistrano
  capistrano-ext
  carrierwave
  carrierwave-mongoid
  faker
  formtastic (~> 1.1.0)
  geokit (>= 1.5.0)
  globalize3
  haml
  itslog
  machinist_mongo
  meta_search
  mongoid (= 2.0.0.beta.20)
  mongoid_i18n
  mongrel
  mysql2 (~> 0.2.6)
  omniauth
  paperclip (>= 2.3.10)
  rack (= 1.2.1)
  rails (= 3.0.7)
  rake (~> 0.8.7)
  rmagick
  rspec-rails (>= 2.0.0.beta.20)
  ruby-debug
  will_paginate!
  ya2yaml
